GEM
  remote: http://rubygems.org/
  specs:
    actionmailer (3.2.19)
      actionpack (= 3.2.19)
      mail (~> 2.5.4)
    actionpack (3.2.19)
      activemodel (= 3.2.19)
      activesupport (= 3.2.19)
      builder (~> 3.0.0)
      erubis (~> 2.7.0)
      journey (~> 1.0.4)
      rack (~> 1.4.5)
      rack-cache (~> 1.2)
      rack-test (~> 0.6.1)
      sprockets (~> 2.2.1)
    activemodel (3.2.19)
      activesupport (= 3.2.19)
      builder (~> 3.0.0)
    activerecord (3.2.19)
      activemodel (= 3.2.19)
      activesupport (= 3.2.19)
      arel (~> 3.0.2)
      tzinfo (~> 0.3.29)
    activerecord-jdbc-adapter (1.3.16)
      activerecord (>= 2.2)
    activerecord-jdbcsqlite3-adapter (1.3.16)
      activerecord-jdbc-adapter (~> 1.3.16)
      jdbc-sqlite3 (>= 3.7.2, < 3.9)
    activeresource (3.2.19)
      activemodel (= 3.2.19)
      activesupport (= 3.2.19)
    activesupport (3.2.19)
      i18n (~> 0.6, >= 0.6.4)
      multi_json (~> 1.0)
    arel (3.0.3)
    atomic (1.0.1-java)
    axlsx (2.0.1)
      htmlentities (~> 4.3.1)
      nokogiri (>= 1.4.1)
      rubyzip (~> 1.0.0)
    backports (3.6.4)
    bcrypt (3.1.7-java)
    builder (3.0.4)
    childprocess (0.5.6)
      ffi (~> 1.0, >= 1.0.11)
    coderay (1.1.0)
    coffee-rails (3.2.2)
      coffee-script (>= 2.2.0)
      railties (~> 3.2.0)
    coffee-script (2.4.1)
      coffee-script-source
      execjs
    coffee-script-source (1.9.1.1)
    commonjs (0.2.7)
    diff-lcs (1.2.5)
    erubis (2.7.0)
    eventmachine (1.0.7-java)
    execjs (2.5.2)
    factory_girl (4.1.0)
      activesupport (>= 3.0.0)
    ffi (1.9.8-java)
    hike (1.2.3)
    htmlentities (4.3.3)
    i18n (0.7.0)
    jdbc-derby (10.6.2.1-java)
    jdbc-mysql (5.1.13)
    jdbc-sqlite3 (3.8.10.1)
    journey (1.0.4)
    jquery-rails (3.1.3)
      railties (>= 3.0, < 5.0)
      thor (>= 0.14, < 2.0)
    jquery-ui-rails (4.2.1)
      railties (>= 3.2.16)
    jruby-jars (1.7.18)
    jruby-rack (1.1.18)
    json (1.8.0-java)
    json-schema (1.0.10)
    ladle (0.2.0-java)
    less (2.6.0)
      commonjs (~> 0.2.7)
    less-rails (2.6.0)
      actionpack (>= 3.1)
      less (~> 2.6.0)
    mail (2.5.4)
      mime-types (~> 1.16)
      treetop (~> 1.4.8)
    method_source (0.8.2)
    mime-types (1.25.1)
    multi_json (1.10.0)
    multipart-post (1.2.0)
    net-http-persistent (2.8)
    net-ldap (0.6.1)
    nokogiri (1.6.6.2-java)
    parallel (1.6.0)
    parallel_tests (1.3.9)
      parallel
    polyglot (0.3.5)
    puma (2.8.2-java)
      rack (>= 1.1, < 2.0)
    rack (1.4.5)
    rack-cache (1.2)
      rack (>= 0.4)
    rack-protection (1.5.3)
      rack
    rack-session-sequel (0.0.1)
      rack
      sequel
    rack-ssl (1.3.4)
      rack
    rack-test (0.6.3)
      rack (>= 1.0)
    rails (3.2.19)
      actionmailer (= 3.2.19)
      actionpack (= 3.2.19)
      activerecord (= 3.2.19)
      activeresource (= 3.2.19)
      activesupport (= 3.2.19)
      bundler (~> 1.0)
      railties (= 3.2.19)
    railties (3.2.19)
      actionpack (= 3.2.19)
      activesupport (= 3.2.19)
      rack-ssl (~> 1.3.2)
      rake (>= 0.8.7)
      rdoc (~> 3.4)
      thor (>= 0.14.6, < 2.0)
    rake (10.4.2)
    rdoc (3.12.2)
      json (~> 1.4)
    rjack-jackson (1.8.11.0-java)
    rspec (3.3.0)
      rspec-core (~> 3.3.0)
      rspec-expectations (~> 3.3.0)
      rspec-mocks (~> 3.3.0)
    rspec-core (3.3.1)
      rspec-support (~> 3.3.0)
    rspec-expectations (3.3.0)
      diff-lcs (>= 1.2.0, < 2.0)
      rspec-support (~> 3.3.0)
    rspec-mocks (3.3.0)
      diff-lcs (>= 1.2.0, < 2.0)
      rspec-support (~> 3.3.0)
    rspec-rails (3.3.1)
      actionpack (>= 3.0, < 4.3)
      activesupport (>= 3.0, < 4.3)
      railties (>= 3.0, < 4.3)
      rspec-core (~> 3.3.0)
      rspec-expectations (~> 3.3.0)
      rspec-mocks (~> 3.3.0)
      rspec-support (~> 3.3.0)
    rspec-support (3.3.0)
    rubyzip (1.0.0)
    rufus-lru (1.0.5)
    rufus-scheduler (2.0.24)
      tzinfo (>= 0.3.22)
    sass (3.4.14)
    sass-rails (3.2.6)
      railties (~> 3.2.0)
      sass (>= 3.1.10)
      tilt (~> 1.3)
    saxerator (0.9.5)
      nokogiri (>= 1.4.0)
    saxon-xslt (0.5.1-java)
    selenium-webdriver (2.45.0)
      childprocess (~> 0.5)
      multi_json (~> 1.0)
      rubyzip (~> 1.0)
      websocket (~> 1.0)
    sequel (4.20.0)
    simplecov (0.7.1)
      multi_json (~> 1.0)
      simplecov-html (~> 0.7.1)
    simplecov-html (0.7.1)
    sinatra (1.3.6)
      rack (~> 1.4)
      rack-protection (~> 1.3)
      tilt (~> 1.3, >= 1.3.3)
    sinatra-contrib (1.3.2)
      backports (>= 2.0)
      eventmachine
      rack-protection
      rack-test
      sinatra (~> 1.3.0)
      tilt (~> 1.3)
    sinatra-reloader (1.0)
      sinatra-contrib
    slop (3.6.0)
    spoon (0.0.4)
      ffi
    sprockets (2.2.3)
      hike (~> 1.2)
      multi_json (~> 1.0)
      rack (~> 1.0)
      tilt (~> 1.1, != 1.3.0)
    therubyrhino (2.0.4)
      therubyrhino_jar (>= 1.7.3)
    therubyrhino_jar (1.7.6)
    thor (0.19.1)
    tilt (1.4.1)
    treetop (1.4.15)
      polyglot
      polyglot (>= 0.3.1)
    tzinfo (0.3.39)
    uglifier (2.7.1)
      execjs (>= 0.3.0)
      json (>= 1.8.0)
    useragent (0.14.0)
    warbler (1.4.2)
      jruby-jars (>= 1.5.6, < 2.0)
      jruby-rack (>= 1.0.0)
      rake (>= 0.9.6)
      rubyzip (>= 0.9, < 1.1)
    websocket (1.2.2)
    zip-zip (0.3)
      rubyzip (>= 1.0.0)

PLATFORMS
  java

DEPENDENCIES
  activerecord-jdbcsqlite3-adapter
  activesupport (= 3.2.19)
  atomic (= 1.0.1)
  axlsx (= 2.0.1)
  bcrypt (= 3.1.7)
  coffee-rails (~> 3.2.1)
  factory_girl (~> 4.1.0)
  jdbc-derby (= 10.6.2.1)
  jdbc-mysql (= 5.1.13)
  jquery-rails (~> 3.1.0)
  jquery-ui-rails (~> 4.2.1)
  jruby-jars (= 1.7.18)
  json (= 1.8.0)
  json-schema (= 1.0.10)
  ladle (= 0.2.0)
  less-rails (~> 2.6.0)
  multi_json (= 1.10.0)
  multipart-post (= 1.2.0)
  net-http-persistent (= 2.8)
  net-ldap (= 0.6.1)
  nokogiri (~> 1.6.1)
  parallel_tests (~> 1.3.9)
  puma (= 2.8.2)
  rack (= 1.4.5)
  rack-session-sequel (= 0.0.1)
  rails (= 3.2.19)
  rjack-jackson (= 1.8.11.0)
  rspec (~> 3.3.0)
  rspec-rails
  rubyzip (= 1.0.0)
  rufus-lru (= 1.0.5)
  rufus-scheduler (~> 2.0.24)
  sass-rails (~> 3.2.3)
  saxerator (~> 0.9.2)
  saxon-xslt
  selenium-webdriver (= 2.45.0)
  sequel (~> 4.20.0)
  simplecov (= 0.7.1)
  sinatra (= 1.3.6)
  sinatra-reloader
  therubyrhino
  tzinfo (= 0.3.39)
  uglifier (>= 1.0.3)
  useragent
  warbler (= 1.4.2)
  zip-zip (= 0.3)
